GEM
  remote: https://rubygems.org/
  specs:
    multi_json (1.8.2)
    rack (1.5.2)
    rack-protection (1.5.1)
      rack
    rmagick (2.13.2)
    sinatra (1.4.4)
      rack (~> 1.4)
      rack-protection (~> 1.4)
      tilt (~> 1.3, >= 1.3.4)
    sinatra-jsonp (0.4.3)
      multi_json (~> 1.8)
      sinatra (~> 1.0)
    tilt (1.4.1)

PLATFORMS
  ruby

DEPENDENCIES
  rmagick
  sinatra
  sinatra-jsonp
